GEM
  remote: http://rubygems.org/
  remote: http://gems.github.com/
  specs:
    activesupport (3.1.3)
      multi_json (~> 1.0)
    builder (3.0.0)
    coffee-script (2.2.0)
      coffee-script-source
      execjs
    coffee-script-source (1.1.1)
    execjs (1.2.1)
      multi_json (~> 1.0)
    i18n (0.6.0)
    json (1.5.3)
    libv8 (3.3.10.2)
    multi_json (1.0.3)
    rack (1.3.2)
    rack-coffee (0.9.1)
      rack
    rake (0.9.2)
    rspec (1.3.2)
    sinatra (1.2.6)
      rack (~> 1.1)
      tilt (>= 1.2.2, < 2.0)
    therubyracer (0.9.2)
      libv8 (~> 3.3.10)
    tilt (1.3.2)
    wrest (1.4.7)
      activesupport (~> 3)
      builder (> 2.0)
      multi_json (~> 1.0)

PLATFORMS
  ruby

DEPENDENCIES
  coffee-script
  i18n
  json
  rack-coffee
  rake
  rspec (~> 1.3.0)
  sinatra
  therubyracer
  wrest
